GEM
  remote: https://rubygems.org/
  specs:
    childprocess (3.0.0)
    colorize (0.8.1)
    creek (2.5.1)
      nokogiri (>= 1.10.0)
      rubyzip (>= 1.0.0)
    crypt (2.2.1)
    ftpd (2.0.1)
      memoizer (~> 1.0)
    memoizer (1.0.2)
    mini_portile2 (2.4.0)
    nokogiri (1.10.9)
      mini_portile2 (~> 2.4.0)
    rubyzip (2.3.0)
    selenium-webdriver (3.142.7)
      childprocess (>= 0.5, < 4.0)
      rubyzip (>= 1.2.2)
    watir (6.1.0)
      selenium-webdriver (~> 3.0)

PLATFORMS
  ruby

DEPENDENCIES
  colorize (~> 0.8.1)
  creek
  crypt (~> 2.2, >= 2.2.1)
  ftpd
  watir (~> 6.0, >= 6.0.3)

BUNDLED WITH
   1.17.2
