GEM
  remote: https://rubygems.org/
  specs:
    childprocess (0.6.1)
      ffi (~> 1.0, >= 1.0.11)
    colorize (0.8.1)
    crypt (2.2.1)
    ffi (1.9.17)
    ftpd (2.0.1)
      memoizer (~> 1.0)
    memoizer (1.0.2)
    rubyzip (1.2.0)
    selenium-webdriver (3.0.7)
      childprocess (~> 0.5)
      rubyzip (~> 1.0)
      websocket (~> 1.0)
    watir (6.1.0)
      selenium-webdriver (~> 3.0)
    websocket (1.2.4)

PLATFORMS
  ruby

DEPENDENCIES
  colorize (~> 0.8.1)
  crypt (~> 2.2, >= 2.2.1)
  ftpd
  watir (~> 6.0, >= 6.0.3)

BUNDLED WITH
   1.13.1
